GIT
  remote: https://github.com/DatabaseCleaner/database_cleaner
  revision: 5ab507c613764c36b007a796d5195cc9b875090b
  branch: v2.0.0.beta
  specs:
    database_cleaner-core (2.0.0.beta)

PATH
  remote: .
  specs:
    database_cleaner-redis (2.0.0.beta)
      database_cleaner-core (= 2.0.0.beta)
      redis

GEM
  remote: https://rubygems.org/
  specs:
    diff-lcs (1.3)
    rake (13.0.1)
    redis (4.1.3)
    rspec (3.9.0)
      rspec-core (~> 3.9.0)
      rspec-expectations (~> 3.9.0)
      rspec-mocks (~> 3.9.0)
    rspec-core (3.9.1)
      rspec-support (~> 3.9.1)
    rspec-expectations (3.9.0)
      diff-lcs (>= 1.2.0, < 2.0)
      rspec-support (~> 3.9.0)
    rspec-mocks (3.9.1)
      diff-lcs (>= 1.2.0, < 2.0)
      rspec-support (~> 3.9.0)
    rspec-support (3.9.2)

PLATFORMS
  ruby

DEPENDENCIES
  bundler
  database_cleaner-core!
  database_cleaner-redis!
  rake
  rspec

BUNDLED WITH
   1.17.3
